GEM
  remote: https://rubygems.org/
  specs:
    mustermann (1.0.1)
    rack (2.0.3)
    rack-protection (2.0.0)
      rack
    rack-test (0.7.0)
      rack (>= 1.0, < 3)
    sinatra (2.0.0)
      mustermann (~> 1.0)
      rack (~> 2.0)
      rack-protection (= 2.0.0)
      tilt (~> 2.0)
    sinatra-cross_origin (0.4.0)
    sqlite3 (1.3.13-x64-mingw32)
    tilt (2.0.8)

PLATFORMS
  x64-mingw32

DEPENDENCIES
  rack-test
  sinatra
  sinatra-cross_origin
  sqlite3

BUNDLED WITH
   1.16.0
